GEM
  remote: http://rubygems.org/
  specs:
    httpclient (2.3.4.1)
    json (1.8.1)
    rack (1.5.2)
    rack-protection (1.5.1)
      rack
    rake (10.1.0)
    shotgun (0.9)
      rack (>= 1.0)
    sinatra (1.4.4)
      rack (~> 1.4)
      rack-protection (~> 1.4)
      tilt (~> 1.3, >= 1.3.4)
    tilt (1.4.1)

PLATFORMS
  ruby

DEPENDENCIES
  bundler
  httpclient
  json
  rake
  shotgun
  sinatra
